PATH
  remote: .
  specs:
    som-timer (0.0.0)
      faraday

GEM
  remote: https://rubygems.org/
  specs:
    docile (1.3.2)
    faraday (1.1.0)
      multipart-post (>= 1.2, < 3)
      ruby2_keywords
    multipart-post (2.1.1)
    ruby2_keywords (0.0.2)
    simplecov (0.19.1)
      docile (~> 1.1)
      simplecov-html (~> 0.11)
    simplecov-html (0.12.3)

PLATFORMS
  ruby

DEPENDENCIES
  simplecov
  som-timer!

RUBY VERSION
   ruby 2.5.3p105

BUNDLED WITH
   2.1.4
